NUGET
  remote: https://www.nuget.org/api/v2
    Argu (2.1)
    canopy (0.9.56)
      FSharp.Core (>= 3.0.2)
      Selenium.WebDriver (2.53.1)
    FAKE (4.31.1)
    FSharp.Core (4.0.0.1)
    Selenium.WebDriver (2.53.1)
